PATH
  remote: ../../..
  specs:
    yard-rustdoc (0.3.2)
      syntax_tree (~> 5.0)
      yard (~> 0.9)

GEM
  remote: https://rubygems.org/
  specs:
    prettier_print (1.2.1)
    rake (13.2.1)
    rake-compiler (1.2.7)
      rake
    rb_sys (0.9.102)
    syntax_tree (5.3.0)
      prettier_print (>= 1.2.0)
    yard (0.9.37)

PLATFORMS
  arm64-darwin-21
  arm64-darwin-23

DEPENDENCIES
  rake-compiler (~> 1.2.0)
  rb_sys (~> 0.9.18)
  yard
  yard-rustdoc!

BUNDLED WITH
   2.3.19
